GEM
  remote: https://rubygems.org/
  specs:
    minitest (5.14.0)

PLATFORMS
  x86_64-linux

DEPENDENCIES
  minitest (~> 5.4)

BUNDLED WITH
   2.2.5
